GEM
  remote: http://rubygems.org/
  specs:
    activesupport (4.0.0)
      i18n (~> 0.6, >= 0.6.4)
      minitest (~> 4.2)
      multi_json (~> 1.3)
      thread_safe (~> 0.1)
      tzinfo (~> 0.3.37)
    addressable (2.3.5)
    atomic (1.1.10)
    bcrypt-ruby (3.0.1)
    builder (3.2.2)
    data_objects (0.10.13)
      addressable (~> 2.1)
    diff-lcs (1.1.3)
    dm-core (1.2.1)
      addressable (~> 2.3)
    dm-do-adapter (1.2.0)
      data_objects (~> 0.10.6)
      dm-core (~> 1.2.0)
    dm-migrations (1.2.0)
      dm-core (~> 1.2.0)
    dm-types (1.2.2)
      bcrypt-ruby (~> 3.0)
      dm-core (~> 1.2.0)
      fastercsv (~> 1.5)
      json (~> 1.6)
      multi_json (~> 1.0)
      stringex (~> 1.4)
      uuidtools (~> 2.1)
    faraday (0.8.7)
      multipart-post (~> 1.1)
    fastercsv (1.5.5)
    git (1.2.5)
    github_api (0.10.1)
      addressable
      faraday (~> 0.8.1)
      hashie (>= 1.2)
      multi_json (~> 1.4)
      nokogiri (~> 1.5.2)
      oauth2
    hashie (2.0.5)
    highline (1.6.19)
    httpauth (0.2.0)
    i18n (0.6.4)
    jeweler (1.8.5)
      builder
      bundler (~> 1.0)
      git (>= 1.2.5)
      github_api (>= 0.8.1)
      highline (>= 1.6.15)
      nokogiri (= 1.5.10)
      rake
      rdoc
    json (1.8.0)
    jwt (0.1.8)
      multi_json (>= 1.5)
    minitest (4.7.5)
    multi_json (1.7.7)
    multi_xml (0.5.4)
    multipart-post (1.2.0)
    nokogiri (1.5.10)
    oauth2 (0.9.2)
      faraday (~> 0.8)
      httpauth (~> 0.2)
      jwt (~> 0.1.4)
      multi_json (~> 1.0)
      multi_xml (~> 0.5)
      rack (~> 1.2)
    rack (1.5.2)
    rake (10.1.0)
    rdoc (3.12.2)
      json (~> 1.4)
    rspec (2.10.0)
      rspec-core (~> 2.10.0)
      rspec-expectations (~> 2.10.0)
      rspec-mocks (~> 2.10.0)
    rspec-core (2.10.1)
    rspec-expectations (2.10.0)
      diff-lcs (~> 1.1.3)
    rspec-mocks (2.10.1)
    ruby-odbc (0.99995)
    shoulda (3.5.0)
      shoulda-context (~> 1.0, >= 1.0.1)
      shoulda-matchers (>= 1.4.1, < 3.0)
    shoulda-context (1.1.4)
    shoulda-matchers (2.2.0)
      activesupport (>= 3.0.0)
    simplecov (0.7.1)
      multi_json (~> 1.0)
      simplecov-html (~> 0.7.1)
    simplecov-html (0.7.1)
    stringex (1.5.1)
    thread_safe (0.1.0)
      atomic
    tzinfo (0.3.37)
    uuidtools (2.1.4)

PLATFORMS
  ruby

DEPENDENCIES
  bundler
  data_objects (~> 0.10.7)
  dm-core (~> 1.2.0)
  dm-do-adapter (~> 1.2.0)
  dm-migrations (~> 1.2.0)
  dm-types (~> 1.2.0)
  jeweler (~> 1.8.4)
  rdoc (~> 3.12)
  rspec (~> 2.10.0)
  ruby-odbc (~> 0.99995)
  shoulda
  simplecov
